GEM
  remote: https://rubygems.org/
  specs:
    bcrypt_pbkdf (1.1.1)
    bcrypt_pbkdf (1.1.1-arm64-darwin)
    bcrypt_pbkdf (1.1.1-x86_64-darwin)
    ed25519 (1.3.0)
    net-ssh (7.2.3)

PLATFORMS
  arm64-darwin
  ruby
  x86_64-darwin

DEPENDENCIES
  bcrypt_pbkdf
  ed25519
  net-ssh

BUNDLED WITH
   2.5.10
